GEM
  remote: https://rubygems.org/
  specs:
    classifier (1.3.3)
      fast-stemmer (>= 1.0.0)
    colorator (0.1)
    commander (4.1.5)
      highline (~> 1.6.11)
    css_press (0.3.2)
      csspool-st (= 3.1.2)
      json
    csspool-st (3.1.2)
    directory_watcher (1.4.1)
    execjs (2.0.1)
    fast-stemmer (1.0.2)
    highline (1.6.19)
    html_press (0.8.1)
      htmlentities
      multi_css (>= 0.1.0)
      multi_js
    htmlentities (4.3.1)
    jekyll (1.2.1)
      classifier (~> 1.3)
      colorator (~> 0.1)
      commander (~> 4.1.3)
      directory_watcher (~> 1.4.1)
      liquid (~> 2.5.2)
      maruku (~> 0.5)
      pygments.rb (~> 0.5.0)
      redcarpet (~> 2.3.0)
      safe_yaml (~> 0.7.0)
    jekyll-press (0.2.0)
      html_press (>= 0.8.0)
      jekyll
      multi_css (>= 0.1.0)
      uglifier
    json (1.8.0)
    kramdown (1.2.0)
    liquid (2.5.2)
    maruku (0.6.1)
      syntax (>= 1.0.0)
    multi_css (0.1.0)
      css_press
    multi_js (0.0.1)
      uglifier
    multi_json (1.8.0)
    posix-spawn (0.3.6)
    pygments.rb (0.5.2)
      posix-spawn (~> 0.3.6)
      yajl-ruby (~> 1.1.0)
    redcarpet (2.3.0)
    safe_yaml (0.7.1)
    syntax (1.0.0)
    uglifier (1.3.0)
      execjs (>= 0.3.0)
      multi_json (~> 1.0, >= 1.0.2)
    yajl-ruby (1.1.0)

PLATFORMS
  ruby

DEPENDENCIES
  commander (~> 4.1.5)
  jekyll (~> 1.2.1)
  jekyll-press
  kramdown (~> 1.2.0)
  redcarpet (~> 2.3.0)
  uglifier (~> 1.3.0)
